PATH
  remote: .
  specs:
    odnoklassniki_api (0.0.1)
      faraday
      faraday_middleware
      hashie (>= 1.2.0)
      multi_json (~> 1.5.0)

GEM
  remote: http://rubygems.org/
  specs:
    addressable (2.3.2)
    coderay (1.0.7)
    crack (0.3.2)
    diff-lcs (1.1.3)
    faraday (0.9.2)
      multipart-post (>= 1.2, < 3)
    faraday_middleware (0.10.0)
      faraday (>= 0.7.4, < 0.10)
    hashie (3.4.4)
    method_source (0.8)
    multi_json (1.5.1)
    multipart-post (2.0.0)
    pry (0.9.10)
      coderay (~> 1.0.5)
      method_source (~> 0.8)
      slop (~> 3.3.1)
    rake (0.9.2.2)
    rspec (2.11.0)
      rspec-core (~> 2.11.0)
      rspec-expectations (~> 2.11.0)
      rspec-mocks (~> 2.11.0)
    rspec-core (2.11.1)
    rspec-expectations (2.11.2)
      diff-lcs (~> 1.1.3)
    rspec-mocks (2.11.2)
    slop (3.3.3)
    webmock (1.9.0)
      addressable (>= 2.2.7)
      crack (>= 0.1.7)
    yard (0.8.2.1)

PLATFORMS
  ruby

DEPENDENCIES
  bundler
  odnoklassniki_api!
  pry
  rake
  rspec (~> 2.6)
  webmock (~> 1.9.0)
  yard (>= 0.7.1)

BUNDLED WITH
   1.11.2
